GIT
  remote: git://github.com/eventmachine/eventmachine.git
  revision: 46e3bc256c1733ec67a33ea69c54812900e63d76
  specs:
    eventmachine (1.0.0.beta.4)

GIT
  remote: https://github.com/igrigorik/em-http-request.git
  revision: 4c00586a9d5e7f6f31df70b39525e595f6f6c86d
  specs:
    em-http-request (1.0.0.beta.4)
      addressable (>= 2.2.3)
      em-socksify
      eventmachine (>= 1.0.0.beta.3)
      http_parser.rb (>= 0.5.1)

GEM
  remote: http://rubygems.org/
  specs:
    addressable (2.2.6)
    bson (1.3.0)
    bson_ext (1.3.0)
    em-mongo (0.4.0)
      bson (>= 1.1.3)
      bson_ext (>= 1.1.3)
      eventmachine (>= 0.12.10)
    em-socksify (0.1.0)
      eventmachine
    em-websocket (0.3.5)
      addressable (>= 2.1.1)
      eventmachine (>= 0.12.9)
    em-zeromq (0.2.1)
      eventmachine (>= 1.0.0.beta.3)
      ffi-rzmq (>= 0.7.2)
    ffi (1.0.11)
    ffi-rzmq (0.7.2)
    foreman (0.26.1)
      term-ansicolor (~> 1.0.5)
      thor (>= 0.13.6)
    http_parser.rb (0.5.1)
    json (1.5.3)
    simple_oauth (0.1.5)
    term-ansicolor (1.0.7)
    thor (0.14.6)

PLATFORMS
  ruby

DEPENDENCIES
  bson (= 1.3.0)
  bson_ext (= 1.3.0)
  em-http-request!
  em-mongo
  em-websocket (>= 0.3.5)
  em-zeromq
  eventmachine!
  ffi
  ffi-rzmq (= 0.7.2)
  foreman
  json
  simple_oauth
