GIT
  remote: git://github.com/eventmachine/eventmachine.git
  revision: 3c8ea2ed3d81190eb204fecdf8e9421c7d3f19c9
  specs:
    eventmachine (1.0.0.beta.4)

GIT
  remote: https://github.com/igrigorik/em-http-request.git
  revision: 339e5e54c61a4e482ad8e82e137a51e2fecc568c
  specs:
    em-http-request (1.0.0.beta.4)
      addressable (>= 2.2.3)
      em-socksify
      eventmachine (>= 1.0.0.beta.3)
      http_parser.rb (>= 0.5.1)

GEM
  remote: http://rubygems.org/
  specs:
    addressable (2.2.6)
    em-socksify (0.1.0)
      eventmachine
    em-websocket (0.3.1)
      addressable (>= 2.1.1)
      eventmachine (>= 0.12.9)
    http_parser.rb (0.5.1)
    json (1.5.3)
    simple_oauth (0.1.5)

PLATFORMS
  ruby

DEPENDENCIES
  em-http-request!
  em-websocket
  eventmachine!
  json
  simple_oauth
